PATH
  remote: .
  specs:
    phoney (0.2.0)

GEM
  remote: http://rubygems.org/
  specs:
    minitest (4.6.2)
    rake (0.9.2.2)

PLATFORMS
  ruby

DEPENDENCIES
  minitest
  phoney!
  rake

BUNDLED WITH
   1.17.1
